GIT
  remote: https://github.com/rubycdp/ferrum.git
  revision: 443b268543da5347513dafb0ec7ccfe8b609b199
  branch: main
  specs:
    ferrum (0.15)
      addressable (~> 2.5)
      concurrent-ruby (~> 1.1)
      webrick (~> 1.7)
      websocket-driver (~> 0.7)

GEM
  remote: https://rubygems.org/
  specs:
    addressable (2.8.7)
      public_suffix (>= 2.0.2, < 7.0)
    concurrent-ruby (1.3.3)
    faker (3.4.1)
      i18n (>= 1.8.11, < 2)
    i18n (1.14.5)
      concurrent-ruby (~> 1.0)
    mini_magick (4.13.1)
    public_suffix (5.1.1)
    rotp (6.3.0)
    rufo (0.18.0)
    webrick (1.8.1)
    websocket-driver (0.7.6)
      websocket-extensions (>= 0.1.0)
    websocket-extensions (0.1.5)

PLATFORMS
  ruby

DEPENDENCIES
  faker (~> 3.4)
  ferrum!
  mini_magick (~> 4.13)
  rotp (~> 6.3)
  rufo (~> 0.18.0)

BUNDLED WITH
   2.1.4
